GEM
  remote: https://rubygems.org/
  specs:
    mini_portile2 (2.4.0)
    nokogiri (1.10.9)
      mini_portile2 (~> 2.4.0)
    rack (2.2.6.4)

PLATFORMS
  ruby

DEPENDENCIES
  nokogiri
  rack

BUNDLED WITH
   2.0.1
