GEM
  remote: https://rubygems.org/
  specs:
    mini_portile2 (2.8.0)
    nokogiri (1.13.4)
      mini_portile2 (~> 2.8.0)
      racc (~> 1.4)
    racc (1.6.0)
    rack (2.2.2)

PLATFORMS
  ruby

DEPENDENCIES
  nokogiri
  rack

BUNDLED WITH
   2.0.1
